GEM
  specs:
    cane (2.5.2)
      parallel
    coderay (1.0.8)
    method_source (0.8.1)
    multi_json (1.5.0)
    parallel (0.6.2)
    pry (0.9.12)
      coderay (~> 1.0.5)
      method_source (~> 0.8)
      slop (~> 3.4)
    reek (1.3.1)
      ruby2ruby (~> 2.0.2)
      ruby_parser (~> 3.1.1)
      sexp_processor
    ruby2ruby (2.0.3)
      ruby_parser (~> 3.1)
      sexp_processor (~> 4.0)
    ruby_parser (3.1.1)
      sexp_processor (~> 4.1)
    sexp_processor (4.1.5)
    simplecov (0.7.1)
      multi_json (~> 1.0)
      simplecov-html (~> 0.7.1)
    simplecov-html (0.7.1)
    slop (3.4.3)

PLATFORMS
  ruby

DEPENDENCIES
  cane
  pry
  reek
  simplecov
